PATH
  remote: .
  specs:
    rusy_demo (0.1.0)
      rutie (~> 0.0.4)

GEM
  remote: https://rubygems.org/
  specs:
    diff-lcs (1.5.1)
    rake (13.2.1)
    rspec (3.13.0)
      rspec-core (~> 3.13.0)
      rspec-expectations (~> 3.13.0)
      rspec-mocks (~> 3.13.0)
    rspec-core (3.13.0)
      rspec-support (~> 3.13.0)
    rspec-expectations (3.13.1)
      diff-lcs (>= 1.2.0, < 2.0)
      rspec-support (~> 3.13.0)
    rspec-mocks (3.13.1)
      diff-lcs (>= 1.2.0, < 2.0)
      rspec-support (~> 3.13.0)
    rspec-support (3.13.1)
    rutie (0.0.4)

PLATFORMS
  arm64-darwin-23
  ruby

DEPENDENCIES
  rake (~> 13.0)
  rspec (~> 3.0)
  rusy_demo!

BUNDLED WITH
   2.5.10
